GEM
  remote: https://rubygems.org/
  specs:
    haml (4.0.6)
      tilt
    pg (0.17.1)
    rack (1.6.0)
    rack-protection (1.5.3)
      rack
    rake (10.4.2)
    require_all (1.3.2)
    sequel (4.17.0)
    sinatra (1.4.5)
      rack (~> 1.4)
      rack-protection (~> 1.4)
      tilt (~> 1.3, >= 1.3.4)
    tilt (1.4.1)

PLATFORMS
  ruby

DEPENDENCIES
  haml
  pg
  rake
  require_all
  sequel
  sinatra
